GEM
  remote: https://rubygems.org/
  specs:
    date (3.4.1)
    debug (1.10.0)
      irb (~> 1.10)
      reline (>= 0.3.8)
    io-console (0.8.0)
    irb (1.14.3)
      rdoc (>= 4.0.0)
      reline (>= 0.4.2)
    mini_portile2 (2.8.8)
    nokogiri (1.18.0)
      mini_portile2 (~> 2.8.2)
      racc (~> 1.4)
    nokogiri (1.18.0-aarch64-linux-gnu)
      racc (~> 1.4)
    nokogiri (1.18.0-arm-linux-gnu)
      racc (~> 1.4)
    nokogiri (1.18.0-arm64-darwin)
      racc (~> 1.4)
    nokogiri (1.18.0-x86_64-darwin)
      racc (~> 1.4)
    nokogiri (1.18.0-x86_64-linux-gnu)
      racc (~> 1.4)
    psych (5.2.2)
      date
      stringio
    racc (1.8.1)
    rdoc (6.10.0)
      psych (>= 4.0.0)
    reline (0.6.0)
      io-console (~> 0.5)
    stringio (3.1.2)

PLATFORMS
  aarch64-linux
  arm-linux
  arm64-darwin
  x86-linux
  x86_64-darwin
  x86_64-linux

DEPENDENCIES
  debug
  nokogiri

BUNDLED WITH
   2.5.21
